NUGET
  remote: https://nuget.org/api/v2
  specs:
    dotNetRDF (1.0.7.3471)
      HtmlAgilityPack (>= 1.4.9) - >= net35, >= net35, >= net40, >= net40
      Newtonsoft.Json (>= 6.0.6)
      VDS.Common (1.4.0)
    FAKE (3.14.7)
    FSharp.Compiler.Service (0.0.82)
    FSharp.Formatting (2.6.2)
      FSharp.Compiler.Service (>= 0.0.81)
    HtmlAgilityPack (1.4.9) - >= net35, >= net35, >= net40, >= net40
    LibGit2Sharp (0.20.2.0)
    Microsoft.Bcl (1.1.9)
      Microsoft.Bcl.Build (>= 1.0.14)
    Microsoft.Bcl.Build (1.0.21)
    Microsoft.Net.Http (2.2.28)
      Microsoft.Bcl (>= 1.1.9)
      Microsoft.Bcl.Build (>= 1.0.14)
    Newtonsoft.Json (6.0.8)
    NuGet.CommandLine (2.8.3)
    NUnit (2.6.4)
    NUnit.Runners (2.6.4)
    Octokit (0.6.2)
      Microsoft.Net.Http
    SourceLink.Fake (0.4.2)
    UnionArgParser (0.8.3)
    VDS.Common (1.4.0)
GITHUB
  remote: fsharp/FAKE
  specs:
    modules/Octokit/Octokit.fsx (8df8a2f7a45652571c629ca975d275962e64f85c)
      Octokit